GEM
  remote: http://rubygems.org/
  specs:
    actionmailer (2.3.5)
      actionpack (= 2.3.5)
    actionpack (2.3.5)
      activesupport (= 2.3.5)
      rack (~> 1.0.0)
    activerecord (2.3.5)
      activesupport (= 2.3.5)
    activeresource (2.3.5)
      activesupport (= 2.3.5)
    activesupport (2.3.5)
    capistrano (2.15.5)
      highline
      net-scp (>= 1.0.0)
      net-sftp (>= 2.0.0)
      net-ssh (>= 2.0.14)
      net-ssh-gateway (>= 1.1.0)
    daemon_controller (1.1.8)
    fastercsv (1.5.3)
    fastthread (1.0.7)
    gdal (0.0.5)
    georuby (2.0.0)
    highline (1.6.20)
    hpricot (0.8.6)
    i18n (0.4.2)
    libxml-ruby (2.6.0)
    net-scp (1.1.2)
      net-ssh (>= 2.6.5)
    net-sftp (2.1.2)
      net-ssh (>= 2.6.5)
    net-ssh (2.7.0)
    net-ssh-gateway (1.2.0)
      net-ssh (>= 2.6.5)
    nokogiri (1.5.5)
    oauth (0.4.7)
    passenger (4.0.29)
      daemon_controller (>= 1.1.0)
      rack
      rake (>= 0.8.1)
    pg (0.15.1)
    rack (1.0.1)
    rails (2.3.5)
      actionmailer (= 2.3.5)
      actionpack (= 2.3.5)
      activerecord (= 2.3.5)
      activeresource (= 2.3.5)
      activesupport (= 2.3.5)
      rake (>= 0.8.3)
    rake (0.9.2.2)
    simple-rss (1.2.3)
    yahoo-geoplanet (0.2.1)
      activesupport (> 2.1.0)
      hpricot (> 0.6)

PLATFORMS
  ruby

DEPENDENCIES
  capistrano
  fastercsv
  fastthread
  gdal (= 0.0.5)
  georuby
  i18n (= 0.4.2)
  libxml-ruby
  nokogiri (= 1.5.5)
  oauth
  passenger
  pg
  rails (= 2.3.5)
  rake (= 0.9.2.2)
  simple-rss
  yahoo-geoplanet
