PATH
  remote: .
  specs:
    mbtiles (0.0.1)
      faraday
      sequel (>= 4.1.0)
      sqlite3
      typhoeus

GEM
  remote: http://rubygems.org/
  specs:
    actionmailer (2.3.5)
      actionpack (= 2.3.5)
    actionpack (2.3.5)
      activesupport (= 2.3.5)
      rack (~> 1.0.0)
    activerecord (2.3.5)
      activesupport (= 2.3.5)
    activeresource (2.3.5)
      activesupport (= 2.3.5)
    activesupport (2.3.5)
    ansi (1.4.3)
    capistrano (2.15.5)
      highline
      net-scp (>= 1.0.0)
      net-sftp (>= 2.0.0)
      net-ssh (>= 2.0.14)
      net-ssh-gateway (>= 1.1.0)
    coderay (1.1.0)
    columnize (0.3.6)
    daemon_controller (1.1.8)
    ethon (0.6.2)
      ffi (>= 1.3.0)
      mime-types (~> 1.18)
    faraday (0.8.8)
      multipart-post (~> 1.2.0)
    fastercsv (1.5.3)
    fastthread (1.0.7)
    ffi (1.9.3)
    gdal (0.0.5)
    georuby (2.0.0)
    highline (1.6.20)
    hpricot (0.8.6)
    i18n (0.4.2)
    libxml-ruby (2.6.0)
    linecache (0.46)
      rbx-require-relative (> 0.0.4)
    method_source (0.8.2)
    mime-types (1.25.1)
    minitest (4.7.5)
    multipart-post (1.2.0)
    net-scp (1.1.2)
      net-ssh (>= 2.6.5)
    net-sftp (2.1.2)
      net-ssh (>= 2.6.5)
    net-ssh (2.7.0)
    net-ssh-gateway (1.2.0)
      net-ssh (>= 2.6.5)
    nokogiri (1.5.5)
    oauth (0.4.7)
    passenger (4.0.29)
      daemon_controller (>= 1.1.0)
      rack
      rake (>= 0.8.1)
    pg (0.15.1)
    pry (0.9.12.4)
      coderay (~> 1.0)
      method_source (~> 0.8)
      slop (~> 3.4)
    rack (1.0.1)
    rails (2.3.5)
      actionmailer (= 2.3.5)
      actionpack (= 2.3.5)
      activerecord (= 2.3.5)
      activeresource (= 2.3.5)
      activesupport (= 2.3.5)
      rake (>= 0.8.3)
    rake (0.9.2.2)
    rbx-require-relative (0.0.9)
    ruby-debug (0.10.4)
      columnize (>= 0.1)
      ruby-debug-base (~> 0.10.4.0)
    ruby-debug-base (0.10.4)
      linecache (>= 0.3)
    rvm-capistrano (1.5.1)
      capistrano (~> 2.15.4)
    sequel (4.6.0)
    simple-rss (1.2.3)
    slop (3.4.7)
    sqlite3 (1.3.8)
    turn (0.9.6)
      ansi
    typhoeus (0.6.7)
      ethon (~> 0.6.2)
    yahoo-geoplanet (0.2.1)
      activesupport (> 2.1.0)
      hpricot (> 0.6)

PLATFORMS
  ruby

DEPENDENCIES
  bundler (~> 1.3)
  capistrano
  fastercsv
  fastthread
  gdal (= 0.0.5)
  georuby
  i18n (= 0.4.2)
  libxml-ruby
  mbtiles!
  minitest (~> 4.0)
  nokogiri (= 1.5.5)
  oauth
  passenger
  pg
  pry
  rails (= 2.3.5)
  rake (= 0.9.2.2)
  ruby-debug
  rvm-capistrano
  simple-rss
  turn
  yahoo-geoplanet
